GEM
  remote: https://rubygems.org/
  specs:
    configatron (2.10.0)
      yamler (>= 0.1.0)
    dotenv (0.7.0)
    foreman (0.63.0)
      dotenv (>= 0.7)
      thor (>= 0.13.6)
    haml (5.0.4)
      temple (>= 0.8.0)
      tilt
    mustermann (1.1.1)
      ruby2_keywords (~> 0.0.1)
    rack (2.2.3)
    rack-protection (2.0.8.1)
      rack
    ruby2_keywords (0.0.2)
    sinatra (2.0.8.1)
      mustermann (~> 1.0)
      rack (~> 2.0)
      rack-protection (= 2.0.8.1)
      tilt (~> 2.0)
    temple (0.8.2)
    thor (0.18.1)
    tilt (2.0.10)
    yamler (0.1.0)

PLATFORMS
  ruby

DEPENDENCIES
  bundler
  configatron
  foreman
  haml (~> 5.0.0)
  sinatra (~> 2.0.1)

BUNDLED WITH
   2.1.4
